PATH
  remote: .
  specs:
    pallets (0.11.0)
      msgpack
      redis (~> 5.0)

GEM
  remote: https://rubygems.org/
  specs:
    appsignal (3.1.4)
      rack
    byebug (11.1.3)
    coderay (1.1.3)
    connection_pool (2.3.0)
    diff-lcs (1.5.0)
    method_source (1.0.0)
    msgpack (1.6.0)
    pry (0.14.1)
      coderay (~> 1.1)
      method_source (~> 1.0)
    pry-byebug (3.10.1)
      byebug (~> 11.0)
      pry (>= 0.13, < 0.15)
    rack (3.0.8)
    rake (13.0.6)
    redis (5.0.5)
      redis-client (>= 0.9.0)
    redis-client (0.9.0)
      connection_pool
    rspec (3.11.0)
      rspec-core (~> 3.11.0)
      rspec-expectations (~> 3.11.0)
      rspec-mocks (~> 3.11.0)
    rspec-core (3.11.0)
      rspec-support (~> 3.11.0)
    rspec-expectations (3.11.1)
      diff-lcs (>= 1.2.0, < 2.0)
      rspec-support (~> 3.11.0)
    rspec-mocks (3.11.1)
      diff-lcs (>= 1.2.0, < 2.0)
      rspec-support (~> 3.11.0)
    rspec-support (3.11.1)
    timecop (0.9.5)

PLATFORMS
  ruby

DEPENDENCIES
  appsignal
  pallets!
  pry-byebug
  rake
  rspec
  timecop

CHECKSUMS
  appsignal (3.1.4) sha256=e99f3da45ec16a7a6945cb670fa3aa32ea30b3290f8109e0a505243d722d1f70
  byebug (11.1.3) sha256=2485944d2bb21283c593d562f9ae1019bf80002143cc3a255aaffd4e9cf4a35b
  coderay (1.1.3) sha256=dc530018a4684512f8f38143cd2a096c9f02a1fc2459edcfe534787a7fc77d4b
  connection_pool (2.3.0) sha256=677985be912f33c90f98f229aaa0c0ddb2ef8776f21929a36eeeb25251c944da
  diff-lcs (1.5.0) sha256=49b934001c8c6aedb37ba19daec5c634da27b318a7a3c654ae979d6ba1929b67
  method_source (1.0.0) sha256=d779455a2b5666a079ce58577bfad8534f571af7cec8107f4dce328f0981dede
  msgpack (1.6.0) sha256=23fb11ce66f77f30a9b41b3102c63590d9eef4527dd93088466820bcc1ba03e0
  pallets (0.11.0)
  pry (0.14.1) sha256=99b6df0665875dd5a39d85e0150aa5a12e2bb4fef401b6c4f64d32ee502f8454
  pry-byebug (3.10.1) sha256=c8f975c32255bfdb29e151f5532130be64ff3d0042dc858d0907e849125581f8
  rack (3.0.8) sha256=9c2c912fb7bb367ddeea98193fc51f2aa526733066d0846911aaddb13a457248
  rake (13.0.6) sha256=5ce4bf5037b4196c24ac62834d8db1ce175470391026bd9e557d669beeb19097
  redis (5.0.5) sha256=05a6be01bf3262c4412fcf7ee83a6d642da3c1fc006ccc8e80b57b0bb0de50e8
  redis-client (0.9.0) sha256=28a413e9ddcba62a39b503bfd65f5f58989a49476a52784b07c8dad23c92a927
  rspec (3.11.0) sha256=8907f32e5c3095724e54c143e9cfc4df37079be349343dab9029becdb259bea5
  rspec-core (3.11.0) sha256=46317850396fea47e6793dd5a7606c0816aa38f5149f4cd5de308495b89b1085
  rspec-expectations (3.11.1) sha256=6c0dbc560a4aea8e058e3dc2633657725d9001d17ba01eb1582122a3ccfc2b50
  rspec-mocks (3.11.1) sha256=5537dc069afabcea5cbc199a1432a2772ba3a465f3233f40d04695daba7c6a1f
  rspec-support (3.11.1) sha256=f85f276a37e096b7bf6f308a96c59ba0a5398907f04942cede66cabc598c01b0
  timecop (0.9.5) sha256=fa80e327fb4c3bc19c5fa56a1a867b8c6e0bd75c714138b055d37571610f6d53

BUNDLED WITH
   2.6.3
