PATH
  remote: .
  specs:
    pallets (0.11.0)
      msgpack
      redis (~> 5.0)

GEM
  remote: https://rubygems.org/
  specs:
    appsignal (3.1.4)
      rack
    byebug (11.1.3)
    coderay (1.1.3)
    connection_pool (2.3.0)
    diff-lcs (1.5.0)
    method_source (1.0.0)
    msgpack (1.6.0)
    pry (0.14.1)
      coderay (~> 1.1)
      method_source (~> 1.0)
    pry-byebug (3.10.1)
      byebug (~> 11.0)
      pry (>= 0.13, < 0.15)
    rack (3.0.8)
    rake (13.0.6)
    redis (5.0.5)
      redis-client (>= 0.9.0)
    redis-client (0.9.0)
      connection_pool
    rspec (3.11.0)
      rspec-core (~> 3.11.0)
      rspec-expectations (~> 3.11.0)
      rspec-mocks (~> 3.11.0)
    rspec-core (3.11.0)
      rspec-support (~> 3.11.0)
    rspec-expectations (3.11.1)
      diff-lcs (>= 1.2.0, < 2.0)
      rspec-support (~> 3.11.0)
    rspec-mocks (3.11.1)
      diff-lcs (>= 1.2.0, < 2.0)
      rspec-support (~> 3.11.0)
    rspec-support (3.11.1)
    timecop (0.9.5)

PLATFORMS
  ruby

DEPENDENCIES
  appsignal
  pallets!
  pry-byebug
  rake
  rspec
  timecop

BUNDLED WITH
   2.6.3
